GEM
  remote: https://rubygems.org/
  remote: http://gemcutter.org/
  specs:
    addressable (2.3.2)
    configliere (0.4.18)
      highline (>= 1.5.2)
      multi_json (>= 1.1)
    extlib (0.9.16)
    highline (1.6.15)
    htmlentities (4.3.1)
    multi_json (1.5.0)
    wukong (2.0.2)
      addressable
      configliere
      extlib
      htmlentities

PLATFORMS
  ruby

DEPENDENCIES
  wukong
